GEM
  remote: https://rubygems.org/
  specs:
    archive-tar-minitar (0.5.2)
    builder (3.2.2)
    celluloid (0.15.1)
      timers (~> 1.1.0)
    chef (11.6.0)
      erubis
      highline (>= 1.6.9)
      json (>= 1.4.4, <= 1.7.7)
      mixlib-authentication (>= 1.3.0)
      mixlib-cli (~> 1.3.0)
      mixlib-config (>= 1.1.2)
      mixlib-log (>= 1.3.0)
      mixlib-shellout
      net-ssh (~> 2.6)
      net-ssh-multi (~> 1.1.0)
      ohai (>= 0.6.0)
      rest-client (>= 1.0.4, < 1.7.0)
      yajl-ruby (~> 1.1)
    chefspec (2.0.1)
      chef (>= 10.0)
      erubis
      fauxhai (~> 1.1)
      minitest-chef-handler (>= 0.6.0)
      rspec (~> 2.0)
    ci_reporter (1.9.0)
      builder (>= 2.1.2)
    coderay (1.0.9)
    diff-lcs (1.2.4)
    erubis (2.7.0)
    fauxhai (1.1.1)
      httparty
      net-ssh
      ohai
    ffi (1.9.0)
    foodcritic (2.2.0)
      erubis
      gherkin (~> 2.11.7)
      nokogiri (~> 1.5.4)
      treetop (~> 1.4.10)
      yajl-ruby (~> 1.1.0)
    formatador (0.2.4)
    gherkin (2.11.8)
      multi_json (~> 1.3)
    guard (1.8.2)
      formatador (>= 0.2.4)
      listen (>= 1.0.0)
      lumberjack (>= 1.0.2)
      pry (>= 0.9.10)
      thor (>= 0.14.6)
    guard-foodcritic (1.0.1)
      foodcritic (>= 1.3, < 3.0)
      guard (~> 1.0)
    guard-rspec (3.0.3)
      guard (>= 1.8)
      rspec (~> 2.13)
    highline (1.6.19)
    httparty (0.11.0)
      multi_json (~> 1.0)
      multi_xml (>= 0.5.2)
    ipaddress (0.8.0)
    json (1.7.7)
    kitchen-lxc (0.0.1.beta2)
      lxc-awesome-ephemeral (>= 0.0.1.beta1)
      test-kitchen (>= 1.0.0.alpha.6)
    librarian (0.1.1)
      highline
      thor (~> 0.15)
    librarian-chef (0.0.1)
      archive-tar-minitar (>= 0.5.2)
      chef (>= 0.10)
      librarian (~> 0.1.0)
    listen (1.3.1)
      rb-fsevent (>= 0.9.3)
      rb-inotify (>= 0.9)
      rb-kqueue (>= 0.2)
    lumberjack (1.0.4)
    lxc-awesome-ephemeral (0.0.1.beta1)
    method_source (0.8.2)
    mime-types (1.25)
    minitest (4.7.5)
    minitest-chef-handler (1.0.1)
      chef
      ci_reporter
      minitest (~> 4.7.3)
    mixlib-authentication (1.3.0)
      mixlib-log
    mixlib-cli (1.3.0)
    mixlib-config (1.1.2)
    mixlib-log (1.6.0)
    mixlib-shellout (1.2.0)
    multi_json (1.8.0)
    multi_xml (0.5.5)
    net-scp (1.1.2)
      net-ssh (>= 2.6.5)
    net-ssh (2.7.0)
    net-ssh-gateway (1.2.0)
      net-ssh (>= 2.6.5)
    net-ssh-multi (1.1)
      net-ssh (>= 2.1.4)
      net-ssh-gateway (>= 0.99.0)
    nokogiri (1.5.10)
    ohai (6.18.0)
      ipaddress
      mixlib-cli
      mixlib-config
      mixlib-log
      mixlib-shellout
      systemu
      yajl-ruby
    polyglot (0.3.3)
    pry (0.9.12.2)
      coderay (~> 1.0.5)
      method_source (~> 0.8)
      slop (~> 3.4)
    rake (10.1.0)
    rb-fsevent (0.9.3)
    rb-inotify (0.9.2)
      ffi (>= 0.5.0)
    rb-kqueue (0.2.0)
      ffi (>= 0.5.0)
    rest-client (1.6.7)
      mime-types (>= 1.16)
    rspec (2.14.1)
      rspec-core (~> 2.14.0)
      rspec-expectations (~> 2.14.0)
      rspec-mocks (~> 2.14.0)
    rspec-core (2.14.5)
    rspec-expectations (2.14.2)
      diff-lcs (>= 1.1.3, < 2.0)
    rspec-mocks (2.14.3)
    safe_yaml (0.9.5)
    slop (3.4.6)
    systemu (2.5.2)
    test-kitchen (1.0.0.beta.3)
      celluloid
      mixlib-shellout
      net-scp
      net-ssh
      pry
      safe_yaml (~> 0.9.5)
      thor
    thor (0.18.1)
    timers (1.1.0)
    treetop (1.4.15)
      polyglot
      polyglot (>= 0.3.1)
    yajl-ruby (1.1.0)

PLATFORMS
  ruby

DEPENDENCIES
  chef
  chefspec
  foodcritic
  guard
  guard-foodcritic
  guard-rspec
  kitchen-lxc
  librarian-chef
  rake
  test-kitchen
